GEM
  remote: https://rubygems.org/
  specs:
    diff-lcs (1.2.5)
    minitest (5.3.4)
    minitest-stub-const (0.2)
    rake (10.3.2)
    rspec (3.0.0)
      rspec-core (~> 3.0.0)
      rspec-expectations (~> 3.0.0)
      rspec-mocks (~> 3.0.0)
    rspec-core (3.0.0)
      rspec-support (~> 3.0.0)
    rspec-expectations (3.0.0)
      diff-lcs (>= 1.2.0, < 2.0)
      rspec-support (~> 3.0.0)
    rspec-mocks (3.0.0)
      rspec-support (~> 3.0.0)
    rspec-support (3.0.0)
    test-unit (2.5.5)
    test-unit-notify (1.0.1)
      test-unit (>= 2.4.9)

PLATFORMS
  ruby

DEPENDENCIES
  minitest (~> 5)
  minitest-stub-const
  rake
  rspec
  test-unit
  test-unit-notify
