PATH
  remote: /home/benny/Web/ruby/minitest-libnotify
  specs:
    minitest-libnotify (0.2.2)
      libnotify
      minitest

GEM
  remote: https://rubygems.org/
  specs:
    diff-lcs (1.2.5)
    ffi (1.9.3)
    libnotify (0.8.3)
      ffi (>= 1.0.11)
    minitest (5.3.4)
    rake (10.3.2)
    rspec (2.14.1)
      rspec-core (~> 2.14.0)
      rspec-expectations (~> 2.14.0)
      rspec-mocks (~> 2.14.0)
    rspec-core (2.14.8)
    rspec-expectations (2.14.5)
      diff-lcs (>= 1.1.3, < 2.0)
    rspec-mocks (2.14.6)
    test-unit (2.5.5)
    test-unit-notify (1.0.1)
      test-unit (>= 2.4.9)

PLATFORMS
  ruby

DEPENDENCIES
  minitest
  minitest-libnotify!
  rake
  rspec
  test-unit
  test-unit-notify
