GEM
  remote: https://rubygems.org/
  specs:
    actionmailer (4.2.0.beta1)
      actionpack (= 4.2.0.beta1)
      actionview (= 4.2.0.beta1)
      mail (~> 2.5, >= 2.5.4)
      rails-dom-testing (~> 1.0, >= 1.0.2)
    actionpack (4.2.0.beta1)
      actionview (= 4.2.0.beta1)
      activesupport (= 4.2.0.beta1)
      rack (~> 1.6.0.beta)
      rack-test (~> 0.6.2)
      rails-deprecated_sanitizer (~> 1.0, >= 1.0.2)
      rails-dom-testing (~> 1.0, >= 1.0.2)
    actionview (4.2.0.beta1)
      activesupport (= 4.2.0.beta1)
      builder (~> 3.1)
      erubis (~> 2.7.0)
      rails-deprecated_sanitizer (~> 1.0, >= 1.0.2)
      rails-dom-testing (~> 1.0, >= 1.0.2)
    activejob (4.2.0.beta1)
      globalid (>= 0.2.3)
    activemodel (4.2.0.beta1)
      activesupport (= 4.2.0.beta1)
      builder (~> 3.1)
    activerecord (4.2.0.beta1)
      activemodel (= 4.2.0.beta1)
      activesupport (= 4.2.0.beta1)
      arel (>= 6.0.0.beta1, < 6.1)
    activesupport (4.2.0.beta1)
      i18n (>= 0.7.0.beta1, < 0.8)
      json (~> 1.7, >= 1.7.7)
      minitest (~> 5.1)
      thread_safe (~> 0.1)
      tzinfo (~> 1.1)
    addressable (2.3.6)
    ansi (1.4.3)
    arel (6.0.0.beta1)
    ast (2.0.0)
    astrolabe (1.3.0)
      parser (>= 2.2.0.pre.3, < 3.0)
    awesome_print (1.2.0)
    better_errors (2.0.0)
      coderay (>= 1.0.0)
      erubis (>= 2.6.6)
      rack (>= 0.9.0)
    binding_of_caller (0.7.3.pre1)
      debug_inspector (>= 0.0.1)
    bootstrap-sass (3.2.0.2)
      sass (~> 3.2)
    brakeman (2.6.2)
      erubis (~> 2.6)
      fastercsv (~> 1.5)
      haml (>= 3.0, < 5.0)
      highline (~> 1.6.20)
      multi_json (~> 1.2)
      ruby2ruby (~> 2.1.1)
      ruby_parser (~> 3.5.0)
      sass (~> 3.0)
      slim (>= 1.3.6, < 3.0)
      terminal-table (~> 1.4)
    builder (3.2.2)
    byebug (3.4.0)
      columnize (~> 0.8)
      debugger-linecache (~> 1.2)
      slop (~> 3.6)
    callsite (0.0.11)
    capybara (2.4.1)
      mime-types (>= 1.16)
      nokogiri (>= 1.3.3)
      rack (>= 1.0.0)
      rack-test (>= 0.5.4)
      xpath (~> 2.0)
    capybara-webkit (1.3.0)
      capybara (>= 2.0.2, < 2.5.0)
      json
    code_analyzer (0.4.5)
      sexp_processor
    coderay (1.1.0)
    coffee-rails (4.0.1)
      coffee-script (>= 2.2.0)
      railties (>= 4.0.0, < 5.0)
    coffee-script (2.3.0)
      coffee-script-source
      execjs
    coffee-script-source (1.8.0)
    colored (1.2)
    columnize (0.8.9)
    coveralls (0.7.1)
      multi_json (~> 1.3)
      rest-client
      simplecov (>= 0.7)
      term-ansicolor
      thor
    debug_inspector (0.0.2)
    debugger-linecache (1.2.0)
    docile (1.1.5)
    draper (1.4.0)
      actionpack (>= 3.0)
      activemodel (>= 3.0)
      activesupport (>= 3.0)
      request_store (~> 1.0)
    erubis (2.7.0)
    execjs (2.2.1)
    fastercsv (1.5.5)
    globalid (0.3.0)
      activesupport (>= 4.1.0)
    haml (4.0.5)
      tilt
    highline (1.6.21)
    hike (1.2.3)
    i18n (0.7.0.beta1)
    jbuilder (2.1.3)
      activesupport (>= 3.0.0, < 5)
      multi_json (~> 1.2)
    jquery-rails (3.1.2)
      railties (>= 3.0, < 5.0)
      thor (>= 0.14, < 2.0)
    json (1.8.1)
    launchy (2.4.2)
      addressable (~> 2.3)
    loofah (2.0.1)
      nokogiri (>= 1.5.9)
    mail (2.6.1)
      mime-types (>= 1.16, < 3)
    meta_request (0.3.4)
      callsite (~> 0.0, >= 0.0.11)
      rack-contrib (~> 1.1)
      railties (>= 3.0.0, < 5.0.0)
    mime-types (2.3)
    mini_portile (0.6.0)
    minitest (5.4.1)
    minitest-capybara (0.7.1)
      capybara (~> 2.2)
      minitest (~> 5.0)
      rake
    minitest-metadata (0.5.3)
      minitest (>= 4.7, < 6.0)
    minitest-rails (2.1.0)
      minitest (~> 5.4)
      railties (~> 4.1)
    minitest-rails-capybara (2.1.1)
      capybara (~> 2.0)
      minitest-capybara (~> 0.7.0)
      minitest-metadata (~> 0.5.0)
      minitest-rails (~> 2.1)
    minitest-reporters (1.0.5)
      ansi
      builder
      minitest (>= 5.0)
      ruby-progressbar
    multi_json (1.10.1)
    netrc (0.7.7)
    nokogiri (1.6.3.1)
      mini_portile (= 0.6.0)
    parser (2.2.0.pre.4)
      ast (>= 1.1, < 3.0)
      slop (~> 3.4, >= 3.4.5)
    pg (0.17.1)
    powerpack (0.0.9)
    puma (2.9.1)
      rack (>= 1.1, < 2.0)
    rack (1.6.0.beta)
    rack-contrib (1.1.0)
      rack (>= 0.9.1)
    rack-mini-profiler (0.9.2)
      rack (>= 1.1.3)
    rack-test (0.6.2)
      rack (>= 1.0)
    rails (4.2.0.beta1)
      actionmailer (= 4.2.0.beta1)
      actionpack (= 4.2.0.beta1)
      actionview (= 4.2.0.beta1)
      activejob (= 4.2.0.beta1)
      activemodel (= 4.2.0.beta1)
      activerecord (= 4.2.0.beta1)
      activesupport (= 4.2.0.beta1)
      bundler (>= 1.3.0, < 2.0)
      railties (= 4.2.0.beta1)
      sprockets-rails (~> 3.0.0.beta1)
    rails-deprecated_sanitizer (1.0.2)
      activesupport (>= 4.2.0.alpha)
    rails-dom-testing (1.0.2)
      activesupport
      nokogiri (~> 1.6.0)
      rails-deprecated_sanitizer (>= 1.0.1)
    rails-html-sanitizer (1.0.0)
      loofah (~> 2.0)
    rails_best_practices (1.15.4)
      activesupport
      awesome_print
      code_analyzer (>= 0.4.3)
      colored
      erubis
      i18n
      json
      require_all
      ruby-progressbar
    railties (4.2.0.beta1)
      actionpack (= 4.2.0.beta1)
      activesupport (= 4.2.0.beta1)
      rake (>= 0.8.7)
      thor (>= 0.18.1, < 2.0)
    rainbow (2.0.0)
    rake (10.3.2)
    rdoc (4.1.2)
      json (~> 1.4)
    request_store (1.1.0)
    require_all (1.3.2)
    rest-client (1.7.2)
      mime-types (>= 1.16, < 3.0)
      netrc (~> 0.7)
    rubocop (0.26.0)
      astrolabe (~> 1.3)
      parser (>= 2.2.0.pre.4, < 3.0)
      powerpack (~> 0.0.6)
      rainbow (>= 1.99.1, < 3.0)
      ruby-progressbar (~> 1.4)
    ruby-progressbar (1.5.1)
    ruby2ruby (2.1.2)
      ruby_parser (~> 3.1)
      sexp_processor (~> 4.0)
    ruby_parser (3.5.0)
      sexp_processor (~> 4.1)
    sass (3.4.4)
    sass-rails (5.0.0.beta1)
      railties (>= 4.0.0, < 5.0)
      sass (~> 3.2)
      sprockets (~> 2.12)
      sprockets-rails (>= 2.0, < 4.0)
    sdoc (0.4.1)
      json (~> 1.7, >= 1.7.7)
      rdoc (~> 4.0)
    sexp_processor (4.4.4)
    simplecov (0.9.0)
      docile (~> 1.1.0)
      multi_json
      simplecov-html (~> 0.8.0)
    simplecov-html (0.8.0)
    slim (2.0.3)
      temple (~> 0.6.6)
      tilt (>= 1.3.3, < 2.1)
    slop (3.6.0)
    spring (1.1.3)
    sprockets (2.12.2)
      hike (~> 1.2)
      multi_json (~> 1.0)
      rack (~> 1.0)
      tilt (~> 1.1, != 1.3.0)
    sprockets-rails (3.0.0.beta1)
      actionpack (>= 4.0)
      activesupport (>= 4.0)
      sprockets (~> 2.8)
    temple (0.6.8)
    term-ansicolor (1.3.0)
      tins (~> 1.0)
    terminal-table (1.4.5)
    thor (0.19.1)
    thread_safe (0.3.4)
    tilt (1.4.1)
    tins (1.3.2)
    turbolinks (2.3.0)
      coffee-rails
    tzinfo (1.2.2)
      thread_safe (~> 0.1)
    uglifier (2.5.3)
      execjs (>= 0.3.0)
      json (>= 1.8.0)
    xpath (2.0.0)
      nokogiri (~> 1.3)

PLATFORMS
  ruby

DEPENDENCIES
  better_errors
  binding_of_caller
  bootstrap-sass (~> 3.2)
  brakeman
  byebug
  capybara-webkit (~> 1.2)
  coffee-rails (~> 4.0.0)
  coveralls
  draper (~> 1.4.0)
  jbuilder (~> 2.0)
  jquery-rails
  launchy
  meta_request
  minitest-rails
  minitest-rails-capybara
  minitest-reporters
  pg
  puma
  rack-mini-profiler
  rails (= 4.2.0.beta1)
  rails-html-sanitizer (~> 1.0)
  rails_best_practices
  rubocop
  sass-rails (~> 5.0.0.beta1)
  sdoc (~> 0.4.0)
  simplecov
  spring
  turbolinks
  uglifier (>= 1.3.0)
